GEM
  remote: http://rubygems.org/
  specs:
    childprocess (0.3.9)
      ffi (~> 1.0, >= 1.0.11)
    ffi (1.9.3-x86-mingw32)
    headless (1.0.1)
    mail (2.5.4)
      mime-types (~> 1.16)
      treetop (~> 1.4.8)
    mime-types (1.25)
    multi_json (1.8.2)
    open4 (1.3.0)
    os (0.9.6)
    polyglot (0.3.3)
    rubyzip (1.0.0)
    selenium-webdriver (2.37.0)
      childprocess (>= 0.2.5)
      multi_json (~> 1.0)
      rubyzip (~> 1.0.0)
      websocket (~> 1.0.4)
    treetop (1.4.15)
      polyglot
      polyglot (>= 0.3.1)
    watir-webdriver (0.6.4)
      selenium-webdriver (>= 2.18.0)
    watir-webdriver-performance (0.2.2)
      watir-webdriver
      watir-webdriver
    websocket (1.0.7)

PLATFORMS
  x86-mingw32

DEPENDENCIES
  ffi
  headless
  mail
  open4
  os
  watir-webdriver
  watir-webdriver-performance
